GEM
  remote: http://rubygems.org/
  specs:
    activemodel (3.0.0)
      activesupport (= 3.0.0)
      builder (~> 2.1.2)
      i18n (~> 0.4.1)
    activerecord (3.0.0)
      activemodel (= 3.0.0)
      activesupport (= 3.0.0)
      arel (~> 1.0.0)
      tzinfo (~> 0.3.23)
    activesupport (3.0.0)
    amatch (0.2.10)
      tins (~> 0.3)
    arel (1.0.1)
      activesupport (~> 3.0.0)
    builder (2.1.2)
    daemons (1.0.10)
    gem_plugin (0.2.3)
    haml (3.0.17)
    i18n (0.4.2)
    memcache-client (1.8.5)
    mongrel (1.2.0.pre2)
      daemons (~> 1.0.10)
      gem_plugin (~> 0.2.3)
    mysql2 (0.3.11)
    nokogiri (1.4.3.1)
    pg (0.9.0)
    rack (1.4.1)
    rack-protection (1.2.0)
      rack
    rack-throttle (0.3.0)
      rack (>= 1.0.0)
    rmagick (2.13.1)
    rugged (0.16.0)
    sinatra (1.3.3)
      rack (~> 1.3, >= 1.3.6)
      rack-protection (~> 1.2)
      tilt (~> 1.3, >= 1.3.3)
    tilt (1.3.3)
    tins (0.6.0)
    tzinfo (0.3.35)
    yajl-ruby (0.7.7)

PLATFORMS
  ruby

DEPENDENCIES
  activerecord (= 3.0.0)
  amatch (= 0.2.10)
  haml (= 3.0.17)
  memcache-client (= 1.8.5)
  mongrel (= 1.2.0.pre2)
  mysql2 (= 0.3.11)
  nokogiri (= 1.4.3.1)
  pg (= 0.9.0)
  rack-throttle (= 0.3.0)
  rmagick (= 2.13.1)
  rugged (= 0.16.0)
  sinatra (= 1.3.3)
  yajl-ruby (= 0.7.7)
