GIT
  remote: git://github.com/oldmoe/mysqlplus.git
  revision: 2daef86
  specs:
    mysqlplus (0.1.1)

GEM
  remote: http://rubygems.org/
  specs:
    activemodel (3.0.0.rc)
      activesupport (= 3.0.0.rc)
      builder (~> 2.1.2)
      i18n (~> 0.4.1)
    activerecord (3.0.0.rc)
      activemodel (= 3.0.0.rc)
      activesupport (= 3.0.0.rc)
      arel (~> 0.4.0)
      tzinfo (~> 0.3.22)
    activesupport (3.0.0.rc)
    arel (0.4.0)
      activesupport (>= 3.0.0.beta)
    builder (2.1.2)
    daemons (1.0.10)
    gem_plugin (0.2.3)
    i18n (0.4.1)
    mongrel (1.2.0.pre2)
      daemons (~> 1.0.10)
      gem_plugin (~> 0.2.3)
    rack (1.2.1)
    sinatra (1.0)
      rack (>= 1.0)
    tzinfo (0.3.22)

PLATFORMS
  ruby

DEPENDENCIES
  activerecord (= 3.0.0.rc)
  mongrel (= 1.2.0.pre2)
  mysqlplus!
  sinatra (= 1.0)
