GEM
  remote: http://rubygems.org/
  specs:
    activemodel (3.0.0)
      activesupport (= 3.0.0)
      builder (~> 2.1.2)
      i18n (~> 0.4.1)
    activerecord (3.0.0)
      activemodel (= 3.0.0)
      activesupport (= 3.0.0)
      arel (~> 1.0.0)
      tzinfo (~> 0.3.23)
    activesupport (3.0.0)
    arel (1.0.1)
      activesupport (~> 3.0.0)
    builder (2.1.2)
    daemons (1.0.10)
    errand (0.7.2)
    gem_plugin (0.2.3)
    haml (3.0.17)
    i18n (0.4.1)
    mongrel (1.2.0.pre2)
      daemons (~> 1.0.10)
      gem_plugin (~> 0.2.3)
    nokogiri (1.4.3.1)
    pg (0.9.0)
    rack (1.2.1)
    sinatra (1.0)
      rack (>= 1.0)
    tzinfo (0.3.23)
    yajl-ruby (0.7.7)

PLATFORMS
  ruby

DEPENDENCIES
  activerecord (= 3.0.0)
  errand (= 0.7.2)
  haml (= 3.0.17)
  mongrel (= 1.2.0.pre2)
  nokogiri (= 1.4.3.1)
  pg (= 0.9.0)
  sinatra (= 1.0)
  yajl-ruby (= 0.7.7)
